GEM
  remote: https://rubygems.org/
  specs:
    activemodel (7.0.7.2)
      activesupport (= 7.0.7.2)
    activesupport (7.0.7.2)
      concurrent-ruby (~> 1.0, >= 1.0.2)
      i18n (>= 1.6, < 2)
      minitest (>= 5.1)
      tzinfo (~> 2.0)
    addressable (2.8.1)
      public_suffix (>= 2.0.2, < 6.0)
    ast (2.4.2)
    bson (4.15.0)
    builder (3.2.4)
    coderay (1.1.3)
    concurrent-ruby (1.2.2)
    connection_pool (2.3.0)
    crack (0.4.5)
      rexml
    database_cleaner-core (2.0.1)
    database_cleaner-mongoid (2.0.1)
      database_cleaner-core (~> 2.0.0)
      mongoid
    diff-lcs (1.5.0)
    docile (1.4.0)
    dotenv (2.8.1)
    dry-core (1.0.0)
      concurrent-ruby (~> 1.0)
      zeitwerk (~> 2.6)
    dry-inflector (1.0.0)
    dry-logic (1.5.0)
      concurrent-ruby (~> 1.0)
      dry-core (~> 1.0, < 2)
      zeitwerk (~> 2.6)
    dry-types (1.7.1)
      concurrent-ruby (~> 1.0)
      dry-core (~> 1.0)
      dry-inflector (~> 1.0)
      dry-logic (~> 1.4)
      zeitwerk (~> 2.6)
    factory_bot (6.2.1)
      activesupport (>= 5.0.0)
    grape (1.7.0)
      activesupport
      builder
      dry-types (>= 1.1)
      mustermann-grape (~> 1.0.0)
      rack (>= 1.3.0)
      rack-accept
    grape-entity (1.0.0)
      activesupport (>= 3.0.0)
      multi_json (>= 1.3.2)
    grape-swagger (1.5.0)
      grape (~> 1.3)
    grape-swagger-entity (0.5.1)
      grape-entity (>= 0.6.0)
      grape-swagger (>= 1.2.0)
    grape_logging (1.8.4)
      grape
      rack
    hashdiff (1.0.1)
    i18n (1.14.1)
      concurrent-ruby (~> 1.0)
    json (2.6.3)
    kwalify (0.7.2)
    method_source (1.0.0)
    minitest (5.19.0)
    mongo (2.18.2)
      bson (>= 4.14.1, < 5.0.0)
    mongoid (8.0.3)
      activemodel (>= 5.1, < 7.1, != 7.0.0)
      mongo (>= 2.18.0, < 3.0.0)
      ruby2_keywords (~> 0.0.5)
    multi_json (1.15.0)
    mustermann (3.0.0)
      ruby2_keywords (~> 0.0.1)
    mustermann-grape (1.0.2)
      mustermann (>= 1.0.0)
    nio4r (2.5.8)
    parallel (1.22.1)
    parser (3.2.1.1)
      ast (~> 2.4.1)
    pry (0.14.2)
      coderay (~> 1.1)
      method_source (~> 1.0)
    public_suffix (5.0.1)
    puma (6.1.1)
      nio4r (~> 2.0)
    rack (2.2.6.4)
    rack-accept (0.4.5)
      rack (>= 0.4)
    rack-attack (6.6.1)
      rack (>= 1.0, < 3)
    rack-test (2.1.0)
      rack (>= 1.3)
    rainbow (3.1.1)
    rake (13.0.6)
    redis (5.0.6)
      redis-client (>= 0.9.0)
    redis-client (0.14.0)
      connection_pool
    redis-store (1.9.2)
      redis (>= 4, < 6)
    reek (6.1.4)
      kwalify (~> 0.7.0)
      parser (~> 3.2.0)
      rainbow (>= 2.0, < 4.0)
    regexp_parser (2.7.0)
    rexml (3.2.5)
    rspec (3.12.0)
      rspec-core (~> 3.12.0)
      rspec-expectations (~> 3.12.0)
      rspec-mocks (~> 3.12.0)
    rspec-core (3.12.1)
      rspec-support (~> 3.12.0)
    rspec-expectations (3.12.2)
      diff-lcs (>= 1.2.0, < 2.0)
      rspec-support (~> 3.12.0)
    rspec-mocks (3.12.4)
      diff-lcs (>= 1.2.0, < 2.0)
      rspec-support (~> 3.12.0)
    rspec-support (3.12.0)
    rubocop (1.48.1)
      json (~> 2.3)
      parallel (~> 1.10)
      parser (>= 3.2.0.0)
      rainbow (>= 2.2.2, < 4.0)
      regexp_parser (>= 1.8, < 3.0)
      rexml (>= 3.2.5, < 4.0)
      rubocop-ast (>= 1.26.0, < 2.0)
      ruby-progressbar (~> 1.7)
      unicode-display_width (>= 2.4.0, < 3.0)
    rubocop-ast (1.27.0)
      parser (>= 3.2.1.0)
    ruby-progressbar (1.13.0)
    ruby2_keywords (0.0.5)
    simplecov (0.21.2)
      docile (~> 1.1)
      simplecov-html (~> 0.11)
      simplecov_json_formatter (~> 0.1)
    simplecov-html (0.12.3)
    simplecov_json_formatter (0.1.4)
    timecop (0.9.6)
    tzinfo (2.0.6)
      concurrent-ruby (~> 1.0)
    unicode-display_width (2.4.2)
    vcr (6.1.0)
    webmock (3.18.1)
      addressable (>= 2.8.0)
      crack (>= 0.3.2)
      hashdiff (>= 0.4.0, < 2.0.0)
    zeitwerk (2.6.7)

PLATFORMS
  x86_64-linux

DEPENDENCIES
  database_cleaner-mongoid (~> 2.0, >= 2.0.1)
  dotenv (~> 2.8, >= 2.8.1)
  dry-types (~> 1.7, >= 1.7.1)
  factory_bot (~> 6.2, >= 6.2.1)
  grape (~> 1.6, >= 1.6.2)
  grape-entity (~> 1.0)
  grape-swagger (~> 1.5)
  grape-swagger-entity (~> 0.5.1)
  grape_logging (~> 1.8, >= 1.8.4)
  mongoid (~> 8.0, >= 8.0.2)
  pry (~> 0.14.1)
  puma (~> 6.0)
  rack (~> 2.2, >= 2.2.6.4)
  rack-attack (~> 6.6, >= 6.6.1)
  rack-test (~> 2.0, >= 2.0.2)
  rake (~> 13.0, >= 13.0.6)
  redis-store (~> 1.9, >= 1.9.2)
  reek (~> 6.1, >= 6.1.1)
  rspec (~> 3.11)
  rubocop (~> 1.36)
  simplecov (~> 0.21.2)
  timecop (~> 0.9.5)
  vcr (~> 6.1)
  webmock (~> 3.18, >= 3.18.1)

RUBY VERSION
   ruby 3.2.1p31

BUNDLED WITH
   2.3.12
